GIT
  remote: https://github.com/AlawysDelta/wasify.git
  revision: 888b666b01d44df3c02c513ed553f9727ba8ef9c
  specs:
    wasify (0.1.2)

GIT
  remote: https://github.com/scarpe-team/scarpe.git
  revision: ae5bb8623da22c8391ab8adaa1d5e3919a7cf6e3
  glob: lacci/*.gemspec
  specs:
    lacci (0.3.0)
      scarpe-components

GIT
  remote: https://github.com/scarpe-team/scarpe.git
  revision: ae5bb8623da22c8391ab8adaa1d5e3919a7cf6e3
  glob: scarpe-components/*.gemspec
  specs:
    scarpe-components (0.3.0)

PATH
  remote: .
  specs:
    scarpe-wasm (0.1.0)
      lacci
      scarpe-components

GEM
  remote: https://rubygems.org/
  specs:
    addressable (2.8.5)
      public_suffix (>= 2.0.2, < 6.0)
    capybara (3.39.2)
      addressable
      matrix
      mini_mime (>= 0.1.3)
      nokogiri (~> 1.8)
      rack (>= 1.6.0)
      rack-test (>= 0.6.3)
      regexp_parser (>= 1.5, < 3.0)
      xpath (~> 3.2)
    matrix (0.4.2)
    mini_mime (1.1.5)
    mini_portile2 (2.8.5)
    minitest (5.20.0)
    nokogiri (1.15.5)
      mini_portile2 (~> 2.8.2)
      racc (~> 1.4)
    nokogiri (1.15.5-x86_64-darwin)
      racc (~> 1.4)
    public_suffix (5.0.4)
    racc (1.7.3)
    rack (3.0.8)
    rack-test (2.1.0)
      rack (>= 1.3)
    rake (13.1.0)
    regexp_parser (2.8.2)
    rexml (3.2.6)
    rubyzip (2.3.2)
    selenium-webdriver (4.15.0)
      rexml (~> 3.2, >= 3.2.5)
      rubyzip (>= 1.2.2, < 3.0)
      websocket (~> 1.0)
    webrick (1.8.1)
    websocket (1.2.10)
    xpath (3.2.0)
      nokogiri (~> 1.8)

PLATFORMS
  wasm32-unknown
  x86_64-darwin-22

DEPENDENCIES
  capybara
  lacci!
  minitest (~> 5.0)
  rake (~> 13.0)
  scarpe-components!
  scarpe-wasm!
  selenium-webdriver
  wasify!
  webrick

BUNDLED WITH
   2.4.14
