GIT
  remote: https://github.com/AlawysDelta/wasify.git
  revision: 90ca7a9489ef3b30c4966dfe39aa913ab3e5eaeb
  branch: use_specific_release_version
  specs:
    wasify (0.1.2)

GIT
  remote: https://github.com/scarpe-team/scarpe.git
  revision: ae5bb8623da22c8391ab8adaa1d5e3919a7cf6e3
  glob: lacci/*.gemspec
  specs:
    lacci (0.3.0)
      scarpe-components

GIT
  remote: https://github.com/scarpe-team/scarpe.git
  revision: ae5bb8623da22c8391ab8adaa1d5e3919a7cf6e3
  glob: scarpe-components/*.gemspec
  specs:
    scarpe-components (0.3.0)

PATH
  remote: ..
  specs:
    scarpe-wasm (0.1.0)
      lacci
      scarpe-components

GEM
  remote: https://rubygems.org/
  specs:

PLATFORMS
  wasm32-unknown
  x86_64-darwin-22

DEPENDENCIES
  lacci!
  scarpe-components!
  scarpe-wasm!
  wasify!

BUNDLED WITH
   2.4.14
