GIT
  remote: https://github.com/AlawysDelta/wasify.git
  revision: b39a34c9ff6832a7b60c813a2419bbe0bc53da23
  branch: ruby_3_3_and_later_ruby_wasm
  specs:
    wasify (0.1.2)

GIT
  remote: https://github.com/scarpe-team/scarpe.git
  revision: b964be2b43cbb62e8c2b12138a2aae2f01912550
  glob: lacci/*.gemspec
  specs:
    lacci (0.3.0)
      scarpe-components

GIT
  remote: https://github.com/scarpe-team/scarpe.git
  revision: b964be2b43cbb62e8c2b12138a2aae2f01912550
  glob: scarpe-components/*.gemspec
  specs:
    scarpe-components (0.3.0)

PATH
  remote: ..
  specs:
    scarpe-wasm (0.1.0)
      lacci
      scarpe-components

GEM
  remote: https://rubygems.org/
  specs:

PLATFORMS
  wasm32-unknown
  x86_64-darwin-22

DEPENDENCIES
  lacci!
  scarpe-components!
  scarpe-wasm!
  wasify!

BUNDLED WITH
   2.4.14
