GIT
  remote: https://github.com/AlawysDelta/wasify.git
  revision: 878904d46837395682e4f108723cad399b308050
  specs:
    wasify (0.1.1)

GIT
  remote: https://github.com/scarpe-team/scarpe.git
  revision: ae5bb8623da22c8391ab8adaa1d5e3919a7cf6e3
  glob: lacci/*.gemspec
  specs:
    lacci (0.3.0)
      scarpe-components

GIT
  remote: https://github.com/scarpe-team/scarpe.git
  revision: ae5bb8623da22c8391ab8adaa1d5e3919a7cf6e3
  glob: scarpe-components/*.gemspec
  specs:
    scarpe-components (0.3.0)

PATH
  remote: ../..
  specs:
    scarpe-wasm (0.1.0)
      lacci
      scarpe-components

GEM
  remote: https://rubygems.org/
  specs:
    webrick (1.8.1)

PLATFORMS
  wasm32-unknown
  x86_64-darwin-22

DEPENDENCIES
  lacci!
  scarpe-components!
  scarpe-wasm!
  wasify!
  webrick

BUNDLED WITH
   2.4.14
